GEM
  remote: http://rubygems.org/
  specs:
    artii (2.1.1)
    httparty (0.13.6)
      json (~> 1.8)
      multi_xml (>= 0.5.2)
    json (1.8.3)
    multi_xml (0.5.5)

PLATFORMS
  ruby

DEPENDENCIES
  artii
  httparty
  json

BUNDLED WITH
   1.10.6
